PATH
  remote: .
  specs:
    ruby-lsp-rubyfmt (0.1.0)
      ruby-lsp (>= 0.12.0)
      sorbet-runtime (>= 0.5.5685)

GEM
  remote: https://rubygems.org/
  specs:
    ansi (1.5.0)
    builder (3.2.4)
    debug (1.9.1)
      irb (~> 1.10)
      reline (>= 0.3.8)
    io-console (0.7.2)
    irb (1.11.1)
      rdoc
      reline (>= 0.4.2)
    language_server-protocol (3.17.0.3)
    minitest (5.21.2)
    minitest-reporters (1.6.1)
      ansi
      builder
      minitest (>= 5.0)
      ruby-progressbar
    prism (0.19.0)
    psych (5.1.2)
      stringio
    rake (13.1.0)
    rdoc (6.6.2)
      psych (>= 4.0.0)
    reline (0.4.2)
      io-console (~> 0.5)
    ruby-lsp (0.13.4)
      language_server-protocol (~> 3.17.0)
      prism (>= 0.19.0, < 0.20)
      sorbet-runtime (>= 0.5.10782)
    ruby-progressbar (1.13.0)
    sorbet-runtime (0.5.11226)
    stringio (3.1.0)

PLATFORMS
  x86_64-linux

DEPENDENCIES
  bundler (~> 2.4.2)
  debug (~> 1.8)
  minitest (~> 5.20)
  minitest-reporters (~> 1.6)
  rake (~> 13.1)
  ruby-lsp-rubyfmt!

BUNDLED WITH
   2.4.8
